GEM
  remote: http://rubygems.org/
  specs:
    dotenv (2.2.1)

PLATFORMS
  ruby

DEPENDENCIES
  dotenv

RUBY VERSION
   ruby 2.4.1p111

BUNDLED WITH
   1.15.4
